GEM
  remote: http://rubygems.org/
  specs:
    Ascii85 (1.0.2)
    afm (0.2.0)
    coderay (1.0.9)
    columnize (0.3.6)
    dberkom-sinatra-prawn (0.9.2.2)
      prawn
    debugger (1.6.0)
      columnize (>= 0.3.1)
      debugger-linecache (~> 1.2.0)
      debugger-ruby_core_source (~> 1.2.1)
    debugger-linecache (1.2.0)
    debugger-ruby_core_source (1.2.2)
    hashery (2.1.0)
    method_source (0.8.1)
    pdf-reader (1.3.3)
      Ascii85 (~> 1.0.0)
      afm (~> 0.2.0)
      hashery (~> 2.0)
      ruby-rc4
      ttfunk
    prawn (0.12.0)
      pdf-reader (>= 0.9.0)
      ttfunk (~> 1.0.2)
    pry (0.9.12.2)
      coderay (~> 1.0.5)
      method_source (~> 0.8)
      slop (~> 3.4)
    pry-debugger (0.2.2)
      debugger (~> 1.3)
      pry (~> 0.9.10)
    rack (1.5.2)
    rack-protection (1.5.0)
      rack
    ruby-rc4 (0.1.5)
    sinatra (1.4.3)
      rack (~> 1.4)
      rack-protection (~> 1.4)
      tilt (~> 1.3, >= 1.3.4)
    slop (3.4.5)
    tilt (1.4.1)
    ttfunk (1.0.3)

PLATFORMS
  ruby

DEPENDENCIES
  dberkom-sinatra-prawn
  pry
  pry-debugger
  sinatra
